GIT
  remote: https://github.com/lian/bitcoin-ruby
  revision: bbab58a79f08656f1f7385254b0645f00fdaa4bb
  branch: master
  specs:
    bitcoin-ruby (0.0.10)

GEM
  remote: https://rubygems.org/
  specs:
    chunky_png (1.3.8)
    ffi (1.9.18)
    ffi-compiler (1.0.1)
      ffi (>= 1.0.0)
      rake
    rake (12.0.0)
    rqrcode (0.10.1)
      chunky_png (~> 1.0)
    scrypt (3.0.5)
      ffi-compiler (>= 1.0, < 2.0)

PLATFORMS
  ruby

DEPENDENCIES
  bitcoin-ruby!
  rqrcode
  scrypt
